GEM
  remote: http://rubygems.org/
  specs:
    bootstrap-sass (2.3.0.1)
      sass (~> 3.2)
    chunky_png (1.2.7)
    compass (0.12.2)
      chunky_png (~> 1.2)
      fssm (>= 0.2.7)
      sass (~> 3.1)
    daemons (1.1.9)
    eventmachine (1.0.1-x86-mingw32)
    execjs (1.4.0)
      multi_json (~> 1.0)
    fssm (0.2.10)
    hike (1.2.1)
    multi_json (1.6.1)
    rack (1.5.2)
    rack-protection (1.4.0)
      rack
    sass (3.2.6)
    sinatra (1.3.5)
      rack (~> 1.4)
      rack-protection (~> 1.3)
      tilt (~> 1.3, >= 1.3.3)
    sprockets (2.9.0)
      hike (~> 1.2)
      multi_json (~> 1.0)
      rack (~> 1.0)
      tilt (~> 1.1, != 1.3.0)
    sprockets-helpers (0.8.0)
      sprockets (~> 2.0)
    sprockets-sass (0.4.3)
      sprockets (~> 2.0)
      sprockets-helpers (~> 0.2)
      tilt (~> 1.1)
    thin (1.5.0)
      daemons (>= 1.0.9)
      eventmachine (>= 0.12.6)
      rack (>= 1.0.0)
    tilt (1.3.4)
    uglifier (1.3.0)
      execjs (>= 0.3.0)
      multi_json (~> 1.0, >= 1.0.2)

PLATFORMS
  x86-mingw32

DEPENDENCIES
  bootstrap-sass (~> 2.3.0)
  compass (~> 0.12.2)
  sass (= 3.2.6)
  sinatra (= 1.3.5)
  sprockets (~> 2.0)
  sprockets-sass (~> 0.4.0)
  thin
  uglifier
